{
	"Modality": "MR",
	"MagneticFieldStrength": 6.98,
	"ImagingFrequency": 297.281,
	"Manufacturer": "Siemens",
	"ManufacturersModelName": "Investigational_Device_7T",
	"InstitutionName": "CMRR_7T_PS",
	"InstitutionalDepartmentName": "CMRR",
	"InstitutionAddress": "6th_Street_SE_2021_Minneapolis_0735BC_Chicago_US_55455",
	"DeviceSerialNumber": "18912",
	"StationName": "SEPTET",
	"PatientPosition": "HFS",
	"ProcedureStepDescription": "Ruyuan_fmri",
	"SoftwareVersions": "syngo_MR_B17",
	"MRAcquisitionType": "2D",
	"SeriesDescription": "gre_field_mapping_used",
	"ProtocolName": "gre_field_mapping_used",
	"ScanningSequence": "GR",
	"SequenceVariant": "SP",
	"SequenceName": "fm2d2r",
	"ImageType": ["ORIGINAL", "PRIMARY", "M", "ND"],
	"SeriesNumber": 19,
	"AcquisitionTime": "15:48:21.872500",
	"AcquisitionNumber": 1,
	"SliceThickness": 2.1,
	"SpacingBetweenSlices": 2.1,
	"SAR": 0.00308327,
	"EchoNumber": 1,
	"EchoTime": 0.00459,
	"RepetitionTime": 0.391,
	"FlipAngle": 40,
	"PartialFourier": 1,
	"BaseResolution": 96,
	"ShimSetting": [
		-1149,
		-600,
		1136,
		1672,
		104,
		1104,
		713,
		280	],
	"TxRefAmp": 65,
	"PhaseResolution": 1,
	"ReceiveCoilName": "VM_8T_32R_Head",
	"CoilString": "C:H01-32",
	"PulseSequenceDetails": "%SiemensSeq%_gre_field_mapping",
	"PercentPhaseFOV": 100,
	"PhaseEncodingSteps": 96,
	"AcquisitionMatrixPE": 96,
	"ReconMatrixPE": 96,
	"PixelBandwidth": 260,
	"DwellTime": 2e-05,
	"PhaseEncodingDirection": "j",
	"ImageOrientationPatientDICOM": [
		1,
		0,
		0,
		0,
		-0.608761,
		-0.793353	],
	"InPlanePhaseEncodingDirectionDICOM": "COL",
	"ConversionSoftware": "dcm2niix",
	"ConversionSoftwareVersion": "v1.0.20181125  GCC4.3.2"
}
