{
	"Modality": "MR",
	"MagneticFieldStrength": 6.98,
	"ImagingFrequency": 297.278,
	"Manufacturer": "Siemens",
	"ManufacturersModelName": "Investigational_Device_7T",
	"InstitutionName": "CMRR_7T_PS",
	"InstitutionalDepartmentName": "CMRR",
	"InstitutionAddress": "6th_Street_SE_2021_Minneapolis_0735BC_Chicago_US_55455",
	"DeviceSerialNumber": "18912",
	"StationName": "SEPTET",
	"PatientPosition": "HFS",
	"ProcedureStepDescription": "Ruyuan_fmri",
	"SoftwareVersions": "syngo_MR_B17",
	"MRAcquisitionType": "2D",
	"SeriesDescription": "eja_ep2d_se_1p05iso_1p5sTR_R2_MB2",
	"ProtocolName": "eja_ep2d_se_1p05iso_1p5sTR_R2_MB2",
	"ScanningSequence": "EP",
	"SequenceVariant": "SK_SS",
	"ScanOptions": "PFP",
	"SequenceName": "epse2d1_106",
	"ImageType": ["ORIGINAL", "PRIMARY", "M", "MB", "ND", "MOSAIC"],
	"SeriesNumber": 14,
	"AcquisitionTime": "17:27:44.725000",
	"AcquisitionNumber": 1,
	"ImageComments": "Unaliased_MB2_PE4",
	"SliceThickness": 1.05,
	"SpacingBetweenSlices": 1.05,
	"SAR": 0.0173593,
	"EchoTime": 0.039,
	"RepetitionTime": 2.2,
	"FlipAngle": 90,
	"PartialFourier": 0.75,
	"BaseResolution": 122,
	"ShimSetting": [
		-1325,
		-430,
		974,
		1178,
		58,
		1234,
		474,
		-62	],
	"TxRefAmp": 65,
	"PhaseResolution": 1,
	"ReceiveCoilName": "VM_8T_32R_Head",
	"CoilString": "C:H01-32",
	"PulseSequenceDetails": "%CustomerSeq%_eja_ep2d_se",
	"MultibandAccelerationFactor": 2,
	"PercentPhaseFOV": 86.8852,
	"PhaseEncodingSteps": 80,
	"AcquisitionMatrixPE": 106,
	"ReconMatrixPE": 106,
	"BandwidthPerPixelPhaseEncode": 18.868,
	"ParallelReductionFactorInPlane": 2,
	"EffectiveEchoSpacing": 0.000499998,
	"DerivedVendorReportedEchoSpacing": 0.000999996,
	"TotalReadoutTime": 0.0524998,
	"PixelBandwidth": 1138,
	"DwellTime": 3.6e-06,
	"PhaseEncodingDirection": "j-",
	"SliceTiming": [
		0,
		1.035,
		2.0725,
		0.8975,
		1.9325,
		0.76,
		1.795,
		0.6225,
		1.6575,
		0.485,
		1.52,
		0.345,
		1.38,
		0.2075,
		1.2425,
		0.07,
		1.105,
		2.14,
		0.9675,
		2.0025,
		0.83,
		1.865,
		0.69,
		1.725,
		0.5525,
		1.5875,
		0.415,
		1.45,
		0.2775,
		1.3125,
		0.14,
		1.175,
		0,
		1.035,
		2.0725,
		0.8975,
		1.9325,
		0.76,
		1.795,
		0.6225,
		1.6575,
		0.485,
		1.52,
		0.345,
		1.38,
		0.2075,
		1.2425,
		0.07,
		1.105,
		2.14,
		0.9675,
		2.0025,
		0.83,
		1.865,
		0.69,
		1.725,
		0.5525,
		1.5875,
		0.415,
		1.45,
		0.2775,
		1.3125,
		0.14,
		1.175	],
	"ImageOrientationPatientDICOM": [
		1,
		0,
		1e-16,
		0,
		-0.593419,
		-0.804894	],
	"InPlanePhaseEncodingDirectionDICOM": "COL",
	"ConversionSoftware": "dcm2niix",
	"ConversionSoftwareVersion": "v1.0.20181125  GCC4.3.2"
}
