{
	"Modality": "MR",
	"MagneticFieldStrength": 6.98,
	"ImagingFrequency": 297.278,
	"Manufacturer": "Siemens",
	"ManufacturersModelName": "Investigational_Device_7T",
	"InstitutionName": "CMRR_7T_PS",
	"InstitutionalDepartmentName": "CMRR",
	"InstitutionAddress": "6th_Street_SE_2021_Minneapolis_0735BC_Chicago_US_55455",
	"DeviceSerialNumber": "18912",
	"StationName": "SEPTET",
	"PatientPosition": "HFS",
	"ProcedureStepDescription": "Ruyuan_fmri",
	"SoftwareVersions": "syngo_MR_B17",
	"MRAcquisitionType": "2D",
	"SeriesDescription": "eja_ep2d_se_1p05iso_1p5sTR_R2_MB2",
	"ProtocolName": "eja_ep2d_se_1p05iso_1p5sTR_R2_MB2",
	"ScanningSequence": "EP",
	"SequenceVariant": "SK_SS",
	"ScanOptions": "PFP",
	"SequenceName": "epse2d1_106",
	"ImageType": ["ORIGINAL", "PRIMARY", "M", "MB", "ND", "MOSAIC"],
	"SeriesNumber": 15,
	"AcquisitionTime": "17:34:58.725000",
	"AcquisitionNumber": 1,
	"ImageComments": "Unaliased_MB2_PE4",
	"SliceThickness": 1.05,
	"SpacingBetweenSlices": 1.05,
	"SAR": 0.0173469,
	"EchoTime": 0.039,
	"RepetitionTime": 2.2,
	"FlipAngle": 90,
	"PartialFourier": 0.75,
	"BaseResolution": 122,
	"ShimSetting": [
		-1325,
		-430,
		974,
		1178,
		58,
		1234,
		474,
		-62	],
	"TxRefAmp": 65,
	"PhaseResolution": 1,
	"ReceiveCoilName": "VM_8T_32R_Head",
	"CoilString": "C:H01-32",
	"PulseSequenceDetails": "%CustomerSeq%_eja_ep2d_se",
	"MultibandAccelerationFactor": 2,
	"PercentPhaseFOV": 86.8852,
	"PhaseEncodingSteps": 80,
	"AcquisitionMatrixPE": 106,
	"ReconMatrixPE": 106,
	"BandwidthPerPixelPhaseEncode": 18.868,
	"ParallelReductionFactorInPlane": 2,
	"EffectiveEchoSpacing": 0.000499998,
	"DerivedVendorReportedEchoSpacing": 0.000999996,
	"TotalReadoutTime": 0.0524998,
	"PixelBandwidth": 1138,
	"DwellTime": 3.6e-06,
	"PhaseEncodingDirection": "j-",
	"SliceTiming": [
		0,
		1.035,
		2.07,
		0.895,
		1.93,
		0.7575,
		1.7925,
		0.62,
		1.655,
		0.4825,
		1.5175,
		0.345,
		1.38,
		0.205,
		1.24,
		0.0675,
		1.1025,
		2.1375,
		0.965,
		2,
		0.8275,
		1.8625,
		0.69,
		1.725,
		0.55,
		1.585,
		0.4125,
		1.4475,
		0.275,
		1.31,
		0.1375,
		1.1725,
		0,
		1.035,
		2.07,
		0.895,
		1.93,
		0.7575,
		1.7925,
		0.62,
		1.655,
		0.4825,
		1.5175,
		0.345,
		1.38,
		0.205,
		1.24,
		0.0675,
		1.1025,
		2.1375,
		0.965,
		2,
		0.8275,
		1.8625,
		0.69,
		1.725,
		0.55,
		1.585,
		0.4125,
		1.4475,
		0.275,
		1.31,
		0.1375,
		1.1725	],
	"ImageOrientationPatientDICOM": [
		1,
		0,
		1e-16,
		0,
		-0.593419,
		-0.804894	],
	"InPlanePhaseEncodingDirectionDICOM": "COL",
	"ConversionSoftware": "dcm2niix",
	"ConversionSoftwareVersion": "v1.0.20181125  GCC4.3.2"
}
