{
	"Modality": "MR",
	"MagneticFieldStrength": 6.98,
	"ImagingFrequency": 296.814,
	"Manufacturer": "Siemens",
	"ManufacturersModelName": "Investigational_Device_7T",
	"InstitutionName": "CMRR_7T_PS",
	"InstitutionalDepartmentName": "CMRR",
	"InstitutionAddress": "6th_Street_SE_2021_Minneapolis_0735BC_Chicago_US_55455",
	"DeviceSerialNumber": "18912",
	"StationName": "SEPTET",
	"PatientPosition": "HFS",
	"ProcedureStepDescription": "Ruyuan_fmri",
	"SoftwareVersions": "syngo_MR_B17",
	"MRAcquisitionType": "2D",
	"SeriesDescription": "gre_field_mapping_old",
	"ProtocolName": "gre_field_mapping_old",
	"ScanningSequence": "GR",
	"SequenceVariant": "SP",
	"SequenceName": "fm2d2r",
	"ImageType": ["ORIGINAL", "PRIMARY", "M", "ND"],
	"SeriesNumber": 7,
	"AcquisitionTime": "12:32:16.285000",
	"AcquisitionNumber": 1,
	"SliceThickness": 2.4,
	"SpacingBetweenSlices": 2.4,
	"SAR": 0.00604484,
	"EchoNumber": 2,
	"EchoTime": 0.00561,
	"RepetitionTime": 0.391,
	"FlipAngle": 40,
	"PartialFourier": 1,
	"BaseResolution": 96,
	"ShimSetting": [
		-367,
		-214,
		890,
		5654,
		135,
		956,
		1039,
		-100	],
	"TxRefAmp": 80,
	"PhaseResolution": 1,
	"ReceiveCoilName": "VM_8T_32R_Head",
	"CoilString": "C:H01-32",
	"PulseSequenceDetails": "%SiemensSeq%_gre_field_mapping",
	"PercentPhaseFOV": 75,
	"PhaseEncodingSteps": 72,
	"AcquisitionMatrixPE": 72,
	"ReconMatrixPE": 72,
	"PixelBandwidth": 260,
	"DwellTime": 2e-05,
	"PhaseEncodingDirection": "j",
	"ImageOrientationPatientDICOM": [
		0.986572,
		0.163326,
		-7.35754e-09,
		0.0879953,
		-0.531536,
		-0.842452	],
	"InPlanePhaseEncodingDirectionDICOM": "COL",
	"ConversionSoftware": "dcm2niix",
	"ConversionSoftwareVersion": "v1.0.20181125  GCC4.3.2"
}
