{
	"Modality": "MR",
	"MagneticFieldStrength": 6.98,
	"ImagingFrequency": 296.531,
	"Manufacturer": "Siemens",
	"ManufacturersModelName": "Investigational_Device_7T",
	"InstitutionName": "CMRR_7T_PS",
	"InstitutionalDepartmentName": "CMRR",
	"InstitutionAddress": "6th_Street_SE_2021_Minneapolis_408126_Chicago_US_55455",
	"DeviceSerialNumber": "18912",
	"StationName": "SEPTET",
	"PatientPosition": "HFS",
	"ProcedureStepDescription": "Luca_fmri",
	"SoftwareVersions": "syngo_MR_B17",
	"MRAcquisitionType": "2D",
	"SeriesDescription": "gre_field_mapping_used_b",
	"ProtocolName": "gre_field_mapping_used_b",
	"ScanningSequence": "GR",
	"SequenceVariant": "SP",
	"SequenceName": "fm2d2r",
	"ImageType": ["ORIGINAL", "PRIMARY", "P", "ND"],
	"SeriesNumber": 17,
	"AcquisitionTime": "14:15:55.322500",
	"AcquisitionNumber": 1,
	"SliceThickness": 2.4,
	"SpacingBetweenSlices": 2.4,
	"SAR": 0.00728699,
	"EchoNumber": 2,
	"EchoTime": 0.00561,
	"RepetitionTime": 0.391,
	"FlipAngle": 40,
	"PartialFourier": 1,
	"BaseResolution": 96,
	"ShimSetting": [
		-463,
		-140,
		731,
		2069,
		40,
		405,
		405,
		137	],
	"TxRefAmp": 85,
	"PhaseResolution": 1,
	"ReceiveCoilName": "VM_8T_32R_Head",
	"CoilString": "C:H01-32",
	"PulseSequenceDetails": "%SiemensSeq%_gre_field_mapping",
	"PercentPhaseFOV": 100,
	"PhaseEncodingSteps": 96,
	"AcquisitionMatrixPE": 96,
	"ReconMatrixPE": 96,
	"PixelBandwidth": 260,
	"DwellTime": 2e-05,
	"PhaseEncodingDirection": "j",
	"ImageOrientationPatientDICOM": [
		1,
		0,
		0,
		0,
		-0.619779,
		-0.784776	],
	"InPlanePhaseEncodingDirectionDICOM": "COL",
	"ConversionSoftware": "dcm2niix",
	"ConversionSoftwareVersion": "v1.0.20181125  GCC4.3.2"
}
