{
	"Modality": "MR",
	"MagneticFieldStrength": 6.98,
	"ImagingFrequency": 297.217,
	"Manufacturer": "Siemens",
	"ManufacturersModelName": "Investigational_Device_7T",
	"InstitutionName": "CMRR_7T_AS",
	"InstitutionalDepartmentName": "Department",
	"InstitutionAddress": "Sixth_Street_SE_2021_Minneapolis_EEF940_Chicago_US_55455",
	"DeviceSerialNumber": "18927",
	"StationName": "7TAS",
	"PatientPosition": "HFS",
	"ProcedureStepDescription": "VisionPool_cvnlab_fmri",
	"SoftwareVersions": "syngo_MR_B17",
	"MRAcquisitionType": "2D",
	"SeriesDescription": "gre_field_mapping_used",
	"ProtocolName": "gre_field_mapping_used",
	"ScanningSequence": "GR",
	"SequenceVariant": "SP",
	"SequenceName": "_fm2d2r",
	"ImageType": ["ORIGINAL", "PRIMARY", "M", "ND"],
	"SeriesNumber": 7,
	"AcquisitionTime": "11:25:18.892500",
	"AcquisitionNumber": 1,
	"SliceThickness": 2.4,
	"SpacingBetweenSlices": 2.4,
	"SAR": 0.00930722,
	"EchoNumber": 1,
	"EchoTime": 0.00459,
	"RepetitionTime": 0.391,
	"FlipAngle": 40,
	"PartialFourier": 1,
	"BaseResolution": 96,
	"ShimSetting": [
		-154,
		270,
		784,
		280,
		-400,
		-1016,
		313,
		-66	],
	"TxRefAmp": 85,
	"PhaseResolution": 1,
	"ReceiveCoilName": "VM_8T_32R_Head",
	"CoilString": "C:H01-32",
	"PulseSequenceDetails": "%SiemensSeq%_gre_field_mapping",
	"PercentPhaseFOV": 100,
	"PhaseEncodingSteps": 96,
	"AcquisitionMatrixPE": 96,
	"ReconMatrixPE": 96,
	"PixelBandwidth": 260,
	"DwellTime": 2e-05,
	"PhaseEncodingDirection": "j",
	"ImageOrientationPatientDICOM": [
		1,
		0,
		-1e-16,
		0,
		-0.66523,
		-0.746638	],
	"InPlanePhaseEncodingDirectionDICOM": "COL",
	"ConversionSoftware": "dcm2niix",
	"ConversionSoftwareVersion": "v1.0.20181125  GCC4.3.2"
}
