{
	"Modality": "MR",
	"MagneticFieldStrength": 3,
	"ImagingFrequency": 123.174,
	"Manufacturer": "Siemens",
	"ManufacturersModelName": "Prisma_fit",
	"InstitutionName": "CMRR_3T-B",
	"InstitutionalDepartmentName": "Research",
	"InstitutionAddress": "6th_SE_2021_Minneapolis_Minneapolis_US_55455",
	"DeviceSerialNumber": "67010",
	"StationName": "TRIOB",
	"BodyPartExamined": "BRAIN",
	"PatientPosition": "HFS",
	"ProcedureStepDescription": "Kay_vision_pool",
	"SoftwareVersions": "syngo_MR_E11",
	"MRAcquisitionType": "2D",
	"SeriesDescription": "fMRI_2pt4_1100TR_AP",
	"ProtocolName": "fMRI_2pt4_1100TR_AP",
	"ScanningSequence": "EP",
	"SequenceVariant": "SK_SS",
	"ScanOptions": "FS",
	"SequenceName": "epfid2d1_80",
	"ImageType": ["ORIGINAL", "PRIMARY", "M", "MB", "ND", "MOSAIC"],
	"SeriesNumber": 24,
	"AcquisitionTime": "15:14:14.920000",
	"AcquisitionNumber": 1,
	"ImageComments": "Unaliased_MB2_PE2_LB",
	"SliceThickness": 2.4,
	"SpacingBetweenSlices": 2.4,
	"SAR": 0.0411449,
	"EchoTime": 0.03,
	"RepetitionTime": 1.1,
	"FlipAngle": 62,
	"PartialFourier": 1,
	"BaseResolution": 80,
	"ShimSetting": [
		-1066,
		-11667,
		-3682,
		557,
		41,
		-36,
		14,
		66	],
	"TxRefAmp": 250.578,
	"PhaseResolution": 1,
	"ReceiveCoilName": "Head_32",
	"ReceiveCoilActiveElements": "HEA;HEP",
	"PulseSequenceDetails": "%CustomerSeq%_cmrr_mbep2d_bold",
	"WipMemBlock": "ce19ef7c-e1c0-44ef-afb2-4ff834b9f811||Sequence: R016 ve11c/master r/e634e98; Dec 19 2017 11:00:25 by eja",
	"ConsistencyInfo": "N4_VE11C_LATEST_20160120",
	"MultibandAccelerationFactor": 2,
	"PercentPhaseFOV": 100,
	"EchoTrainLength": 80,
	"PhaseEncodingSteps": 80,
	"AcquisitionMatrixPE": 80,
	"ReconMatrixPE": 80,
	"BandwidthPerPixelPhaseEncode": 22.727,
	"EffectiveEchoSpacing": 0.000550007,
	"DerivedVendorReportedEchoSpacing": 0.000550007,
	"TotalReadoutTime": 0.0434505,
	"PixelBandwidth": 2230,
	"DwellTime": 2.8e-06,
	"PhaseEncodingDirection": "j",
	"SliceTiming": [
		0,
		0.575,
		0.07,
		0.6475,
		0.1425,
		0.72,
		0.215,
		0.79,
		0.2875,
		0.8625,
		0.36,
		0.935,
		0.43,
		1.0075,
		0.5025,
		0,
		0.575,
		0.07,
		0.6475,
		0.1425,
		0.72,
		0.215,
		0.79,
		0.2875,
		0.8625,
		0.36,
		0.935,
		0.43,
		1.0075,
		0.5025	],
	"ImageOrientationPatientDICOM": [
		0.99968,
		0.0252859,
		-2.16931e-08,
		0.00804794,
		-0.318177,
		-0.947997	],
	"InPlanePhaseEncodingDirectionDICOM": "COL",
	"ConversionSoftware": "dcm2niix",
	"ConversionSoftwareVersion": "v1.0.20181125  GCC4.3.2"
}
