{
	"Modality": "MR",
	"MagneticFieldStrength": 3,
	"ImagingFrequency": 123.235,
	"Manufacturer": "Siemens",
	"ManufacturersModelName": "Prisma_fit",
	"InstitutionName": "CMRR_3T-A",
	"InstitutionalDepartmentName": "Research",
	"InstitutionAddress": "6th_SE_2021_Minneapolis_Minnesota_US_55455",
	"DeviceSerialNumber": "67055",
	"StationName": "TRIO",
	"BodyPartExamined": "BRAIN",
	"PatientPosition": "HFS",
	"ProcedureStepDescription": "VisionPool_VisionPool",
	"SoftwareVersions": "syngo_MR_E11",
	"MRAcquisitionType": "3D",
	"SeriesDescription": "T1w_MPR",
	"ProtocolName": "T1w_MPR",
	"ScanningSequence": "GR_IR",
	"SequenceVariant": "SK_SP_MP",
	"ScanOptions": "IR_WE",
	"SequenceName": "_tfl3d1_16ns",
	"ImageType": ["ORIGINAL", "PRIMARY", "M", "ND", "NORM"],
	"SeriesNumber": 24,
	"AcquisitionTime": "15:27:32.045000",
	"AcquisitionNumber": 1,
	"SliceThickness": 0.8,
	"SAR": 0.0576234,
	"EchoTime": 0.00222,
	"RepetitionTime": 2.4,
	"InversionTime": 1,
	"FlipAngle": 8,
	"PartialFourier": 1,
	"BaseResolution": 320,
	"ShimSetting": [
		5247,
		-10071,
		-11151,
		425,
		-19,
		145,
		120,
		26	],
	"TxRefAmp": 270.07,
	"PhaseResolution": 1,
	"ReceiveCoilName": "Head_32",
	"ReceiveCoilActiveElements": "HEA;HEP",
	"PulseSequenceDetails": "%SiemensSeq%_tfl",
	"ConsistencyInfo": "N4_VE11B_LATEST_20150530",
	"PercentPhaseFOV": 93.75,
	"PhaseEncodingSteps": 299,
	"AcquisitionMatrixPE": 300,
	"ReconMatrixPE": 320,
	"PixelBandwidth": 220,
	"DwellTime": 7.1e-06,
	"ImageOrientationPatientDICOM": [
		-0.05766,
		0.995205,
		0.0790049,
		-0.0662029,
		0.0751508,
		-0.994972	],
	"InPlanePhaseEncodingDirectionDICOM": "ROW",
	"ConversionSoftware": "dcm2niix",
	"ConversionSoftwareVersion": "v1.0.20181125  GCC4.3.2"
}
