{
	"Modality": "MR",
	"MagneticFieldStrength": 6.98,
	"ImagingFrequency": 297.286,
	"Manufacturer": "Siemens",
	"ManufacturersModelName": "Investigational_Device_7T",
	"InstitutionName": "CMRR_7T_PS",
	"InstitutionalDepartmentName": "CMRR",
	"InstitutionAddress": "6th_Street_SE_2021_Minneapolis_667926_Chicago_US_55455",
	"DeviceSerialNumber": "18912",
	"StationName": "SEPTET",
	"PatientPosition": "HFS",
	"ProcedureStepDescription": "Luca_fmri",
	"SoftwareVersions": "syngo_MR_B17",
	"MRAcquisitionType": "2D",
	"SeriesDescription": "eja_ep2d_bold_p8iso_MB2_2sTR_R3_USED_SBRef",
	"ProtocolName": "eja_ep2d_bold_p8iso_MB2_2sTR_R3_USED",
	"ScanningSequence": "EP",
	"SequenceVariant": "SK_SS_OSP",
	"ScanOptions": "PFP",
	"SequenceName": "epfid2d1_162",
	"ImageType": ["ORIGINAL", "PRIMARY", "M", "ND", "MOSAIC"],
	"SeriesNumber": 29,
	"AcquisitionTime": "13:35:56.390000",
	"AcquisitionNumber": 1,
	"ImageComments": "Single-band_reference_SENSE1",
	"SliceThickness": 0.8,
	"SpacingBetweenSlices": 0.8,
	"SAR": 0.0101409,
	"EchoTime": 0.0224,
	"RepetitionTime": 2.2,
	"FlipAngle": 80,
	"PartialFourier": 0.75,
	"BaseResolution": 200,
	"ShimSetting": [
		-1139,
		-535,
		932,
		2398,
		337,
		1068,
		317,
		90	],
	"TxRefAmp": 75,
	"PhaseResolution": 1,
	"ReceiveCoilName": "VM_8T_32R_Head",
	"CoilString": "C:H01-32",
	"PulseSequenceDetails": "%CustomerSeq%_eja_ep2d_bold",
	"PercentPhaseFOV": 81,
	"PhaseEncodingSteps": 123,
	"AcquisitionMatrixPE": 162,
	"ReconMatrixPE": 162,
	"BandwidthPerPixelPhaseEncode": 18.519,
	"ParallelReductionFactorInPlane": 3,
	"EffectiveEchoSpacing": 0.000333325,
	"DerivedVendorReportedEchoSpacing": 0.000999974,
	"TotalReadoutTime": 0.0536653,
	"PixelBandwidth": 1136,
	"DwellTime": 2.2e-06,
	"PhaseEncodingDirection": "j",
	"SliceTiming": [
		0,
		0.0525,
		0.105,
		0.1575,
		0.21,
		0.2625,
		0.315,
		0.3675,
		0.42,
		0.4725,
		0.525,
		0.5775,
		0.63,
		0.6825,
		0.735,
		0.7875,
		0.8425,
		0.895,
		0.9475,
		1,
		1.0525,
		1.105,
		1.1575,
		1.21,
		1.2625,
		1.315,
		1.3675,
		1.42,
		1.4725,
		1.525,
		1.5775,
		1.63,
		1.6825,
		1.735,
		1.7875,
		1.84,
		1.8925,
		1.945,
		1.9975,
		2.05,
		2.1025,
		2.155,
		2.2075,
		2.26,
		2.3125,
		2.365,
		2.4175,
		2.4725,
		2.525,
		2.5775,
		2.63,
		2.6825,
		2.735,
		2.7875,
		2.84,
		2.8925,
		2.945,
		2.9975,
		3.05,
		3.1025,
		3.155,
		3.2075,
		3.26,
		3.3125,
		3.365,
		3.4175,
		3.47,
		3.5225,
		3.575,
		3.6275,
		3.68,
		3.7325,
		3.785,
		3.8375,
		3.89,
		3.9425,
		3.995,
		4.0475,
		4.1025,
		4.155,
		4.2075,
		4.26,
		4.3125,
		4.365	],
	"ImageOrientationPatientDICOM": [
		1,
		0,
		-1e-16,
		0,
		-0.66523,
		-0.746638	],
	"InPlanePhaseEncodingDirectionDICOM": "COL",
	"ConversionSoftware": "dcm2niix",
	"ConversionSoftwareVersion": "v1.0.20181125  GCC4.3.2"
}
