{
	"Modality": "MR",
	"MagneticFieldStrength": 6.98,
	"ImagingFrequency": 296.814,
	"Manufacturer": "Siemens",
	"ManufacturersModelName": "Investigational_Device_7T",
	"InstitutionName": "CMRR_7T_PS",
	"InstitutionalDepartmentName": "CMRR",
	"InstitutionAddress": "6th_Street_SE_2021_Minneapolis_0735BC_Chicago_US_55455",
	"DeviceSerialNumber": "18912",
	"StationName": "SEPTET",
	"PatientPosition": "HFS",
	"ProcedureStepDescription": "Ruyuan_fmri",
	"SoftwareVersions": "syngo_MR_B17",
	"MRAcquisitionType": "2D",
	"SeriesDescription": "eja_ep2d_bold_p8iso_MB2_2sTR_R3_USED",
	"ProtocolName": "eja_ep2d_bold_p8iso_MB2_2sTR_R3_USED",
	"ScanningSequence": "EP",
	"SequenceVariant": "SK_SS_OSP",
	"ScanOptions": "PFP",
	"SequenceName": "epfid2d1_162",
	"ImageType": ["ORIGINAL", "PRIMARY", "M", "MB", "ND", "MOSAIC"],
	"SeriesNumber": 18,
	"AcquisitionTime": "13:16:45.527500",
	"AcquisitionNumber": 1,
	"ImageComments": "Unaliased_MB2_PE2",
	"SliceThickness": 0.8,
	"SpacingBetweenSlices": 0.8,
	"SAR": 0.00910503,
	"EchoTime": 0.0226,
	"RepetitionTime": 2.2,
	"FlipAngle": 70,
	"PartialFourier": 0.75,
	"BaseResolution": 200,
	"ShimSetting": [
		-281,
		14,
		877,
		5408,
		-121,
		709,
		-121,
		-142	],
	"TxRefAmp": 80,
	"PhaseResolution": 1,
	"ReceiveCoilName": "VM_8T_32R_Head",
	"CoilString": "C:H01-32",
	"PulseSequenceDetails": "%CustomerSeq%_eja_ep2d_bold",
	"MultibandAccelerationFactor": 2,
	"PercentPhaseFOV": 81,
	"PhaseEncodingSteps": 123,
	"AcquisitionMatrixPE": 162,
	"ReconMatrixPE": 162,
	"BandwidthPerPixelPhaseEncode": 18.519,
	"ParallelReductionFactorInPlane": 3,
	"EffectiveEchoSpacing": 0.000333325,
	"DerivedVendorReportedEchoSpacing": 0.000999974,
	"TotalReadoutTime": 0.0536653,
	"PixelBandwidth": 1136,
	"DwellTime": 2.2e-06,
	"PhaseEncodingDirection": "j",
	"SliceTiming": [
		0,
		1.63,
		1.0525,
		0.475,
		2.105,
		1.525,
		0.9475,
		0.37,
		2,
		1.42,
		0.8425,
		0.265,
		1.895,
		1.315,
		0.7375,
		0.16,
		1.79,
		1.21,
		0.6325,
		0.0525,
		1.6825,
		1.105,
		0.5275,
		2.1575,
		1.5775,
		1,
		0.4225,
		2.0525,
		1.4725,
		0.895,
		0.3175,
		1.9475,
		1.3675,
		0.79,
		0.2125,
		1.8425,
		1.2625,
		0.685,
		0.105,
		1.735,
		1.1575,
		0.58,
		0,
		1.63,
		1.0525,
		0.475,
		2.105,
		1.525,
		0.9475,
		0.37,
		2,
		1.42,
		0.8425,
		0.265,
		1.895,
		1.315,
		0.7375,
		0.16,
		1.79,
		1.21,
		0.6325,
		0.0525,
		1.6825,
		1.105,
		0.5275,
		2.1575,
		1.5775,
		1,
		0.4225,
		2.0525,
		1.4725,
		0.895,
		0.3175,
		1.9475,
		1.3675,
		0.79,
		0.2125,
		1.8425,
		1.2625,
		0.685,
		0.105,
		1.735,
		1.1575,
		0.58	],
	"ImageOrientationPatientDICOM": [
		0.993768,
		0.111469,
		-3.8477e-08,
		0.0600562,
		-0.535413,
		-0.842452	],
	"InPlanePhaseEncodingDirectionDICOM": "COL",
	"ConversionSoftware": "dcm2niix",
	"ConversionSoftwareVersion": "v1.0.20181125  GCC4.3.2"
}
