{
	"Modality": "MR",
	"MagneticFieldStrength": 6.98,
	"ImagingFrequency": 297.287,
	"Manufacturer": "Siemens",
	"ManufacturersModelName": "Investigational_Device_7T",
	"InstitutionName": "CMRR_7T_PS",
	"InstitutionalDepartmentName": "CMRR",
	"InstitutionAddress": "6th_Street_SE_2021_Minneapolis_667926_Chicago_US_55455",
	"DeviceSerialNumber": "18912",
	"StationName": "SEPTET",
	"PatientPosition": "HFS",
	"ProcedureStepDescription": "Luca_fmri",
	"SoftwareVersions": "syngo_MR_B17",
	"MRAcquisitionType": "2D",
	"SeriesDescription": "eja_ep2d_bold_p8iso_MB2_2sTR_R3_USED",
	"ProtocolName": "eja_ep2d_bold_p8iso_MB2_2sTR_R3_USED",
	"ScanningSequence": "EP",
	"SequenceVariant": "SK_SS_OSP",
	"ScanOptions": "PFP",
	"SequenceName": "epfid2d1_162",
	"ImageType": ["ORIGINAL", "PRIMARY", "M", "MB", "ND", "MOSAIC"],
	"SeriesNumber": 64,
	"AcquisitionTime": "17:25:6.495000",
	"AcquisitionNumber": 1,
	"ImageComments": "Unaliased_MB2_PE2_SENSE1",
	"SliceThickness": 0.8,
	"SpacingBetweenSlices": 0.8,
	"SAR": 0.00611488,
	"EchoTime": 0.0224,
	"RepetitionTime": 2.2,
	"FlipAngle": 70,
	"PartialFourier": 0.75,
	"BaseResolution": 200,
	"ShimSetting": [
		-1125,
		-349,
		843,
		1765,
		-305,
		555,
		1246,
		-4	],
	"TxRefAmp": 80,
	"PhaseResolution": 1,
	"ReceiveCoilName": "VM_8T_32R_Head",
	"CoilString": "C:H01-32",
	"PulseSequenceDetails": "%CustomerSeq%_eja_ep2d_bold",
	"MultibandAccelerationFactor": 2,
	"PercentPhaseFOV": 81,
	"PhaseEncodingSteps": 123,
	"AcquisitionMatrixPE": 162,
	"ReconMatrixPE": 162,
	"BandwidthPerPixelPhaseEncode": 18.519,
	"ParallelReductionFactorInPlane": 3,
	"EffectiveEchoSpacing": 0.000333325,
	"DerivedVendorReportedEchoSpacing": 0.000999974,
	"TotalReadoutTime": 0.0536653,
	"PixelBandwidth": 1136,
	"DwellTime": 2.2e-06,
	"PhaseEncodingDirection": "j",
	"SliceTiming": [
		0,
		1.63,
		1.0525,
		0.475,
		2.105,
		1.525,
		0.9475,
		0.3675,
		1.9975,
		1.42,
		0.8425,
		0.2625,
		1.8925,
		1.315,
		0.7375,
		0.1575,
		1.7875,
		1.21,
		0.6325,
		0.0525,
		1.6825,
		1.105,
		0.5275,
		2.1575,
		1.5775,
		1,
		0.4225,
		2.05,
		1.4725,
		0.895,
		0.315,
		1.945,
		1.3675,
		0.79,
		0.21,
		1.84,
		1.2625,
		0.685,
		0.105,
		1.735,
		1.1575,
		0.58,
		0,
		1.63,
		1.0525,
		0.475,
		2.105,
		1.525,
		0.9475,
		0.3675,
		1.9975,
		1.42,
		0.8425,
		0.2625,
		1.8925,
		1.315,
		0.7375,
		0.1575,
		1.7875,
		1.21,
		0.6325,
		0.0525,
		1.6825,
		1.105,
		0.5275,
		2.1575,
		1.5775,
		1,
		0.4225,
		2.05,
		1.4725,
		0.895,
		0.315,
		1.945,
		1.3675,
		0.79,
		0.21,
		1.84,
		1.2625,
		0.685,
		0.105,
		1.735,
		1.1575,
		0.58	],
	"ImageOrientationPatientDICOM": [
		1,
		0,
		-1e-16,
		0,
		-0.66523,
		-0.746638	],
	"InPlanePhaseEncodingDirectionDICOM": "COL",
	"ConversionSoftware": "dcm2niix",
	"ConversionSoftwareVersion": "v1.0.20181125  GCC4.3.2"
}
