{
	"Modality": "MR",
	"MagneticFieldStrength": 6.98,
	"ImagingFrequency": 297.281,
	"Manufacturer": "Siemens",
	"ManufacturersModelName": "Investigational_Device_7T",
	"InstitutionName": "CMRR_7T_PS",
	"InstitutionalDepartmentName": "CMRR",
	"InstitutionAddress": "6th_Street_SE_2021_Minneapolis_0735BC_Chicago_US_55455",
	"DeviceSerialNumber": "18912",
	"StationName": "SEPTET",
	"PatientPosition": "HFS",
	"ProcedureStepDescription": "Ruyuan_fmri",
	"SoftwareVersions": "syngo_MR_B17",
	"MRAcquisitionType": "2D",
	"SeriesDescription": "eja_ep2d_se_1p05iso_2p2sTR_R2_MB2",
	"ProtocolName": "eja_ep2d_se_1p05iso_2p2sTR_R2_MB2",
	"ScanningSequence": "EP",
	"SequenceVariant": "SK_SS",
	"ScanOptions": "PFP",
	"SequenceName": "epse2d1_106",
	"ImageType": ["ORIGINAL", "PRIMARY", "M", "MB", "ND", "MOSAIC"],
	"SeriesNumber": 6,
	"AcquisitionTime": "14:41:19.352500",
	"AcquisitionNumber": 1,
	"ImageComments": "Unaliased_MB2_PE4",
	"SliceThickness": 1.05,
	"SpacingBetweenSlices": 1.05,
	"SAR": 0.0153857,
	"EchoTime": 0.039,
	"RepetitionTime": 2.2,
	"FlipAngle": 90,
	"PartialFourier": 0.75,
	"BaseResolution": 122,
	"ShimSetting": [
		-1149,
		-600,
		1136,
		1672,
		104,
		1104,
		713,
		280	],
	"TxRefAmp": 65,
	"PhaseResolution": 1,
	"ReceiveCoilName": "VM_8T_32R_Head",
	"CoilString": "C:H01-32",
	"PulseSequenceDetails": "%CustomerSeq%_eja_ep2d_se",
	"MultibandAccelerationFactor": 2,
	"PercentPhaseFOV": 86.8852,
	"PhaseEncodingSteps": 80,
	"AcquisitionMatrixPE": 106,
	"ReconMatrixPE": 106,
	"BandwidthPerPixelPhaseEncode": 18.868,
	"ParallelReductionFactorInPlane": 2,
	"EffectiveEchoSpacing": 0.000499998,
	"DerivedVendorReportedEchoSpacing": 0.000999996,
	"TotalReadoutTime": 0.0524998,
	"PixelBandwidth": 1138,
	"DwellTime": 3.6e-06,
	"PhaseEncodingDirection": "j",
	"SliceTiming": [
		0,
		1.0125,
		2.025,
		0.8275,
		1.84,
		0.6425,
		1.655,
		0.46,
		1.4725,
		0.275,
		1.2875,
		0.0925,
		1.1025,
		2.115,
		0.92,
		1.9325,
		0.735,
		1.7475,
		0.5525,
		1.565,
		0.3675,
		1.38,
		0.1825,
		1.195,
		0,
		1.0125,
		2.025,
		0.8275,
		1.84,
		0.6425,
		1.655,
		0.46,
		1.4725,
		0.275,
		1.2875,
		0.0925,
		1.1025,
		2.115,
		0.92,
		1.9325,
		0.735,
		1.7475,
		0.5525,
		1.565,
		0.3675,
		1.38,
		0.1825,
		1.195	],
	"ImageOrientationPatientDICOM": [
		1,
		0,
		0,
		0,
		-0.608761,
		-0.793353	],
	"InPlanePhaseEncodingDirectionDICOM": "COL",
	"ConversionSoftware": "dcm2niix",
	"ConversionSoftwareVersion": "v1.0.20181125  GCC4.3.2"
}
