{
	"Modality": "MR",
	"MagneticFieldStrength": 3,
	"ImagingFrequency": 123.174,
	"Manufacturer": "Siemens",
	"ManufacturersModelName": "Prisma_fit",
	"InstitutionName": "CMRR_3T-B",
	"InstitutionalDepartmentName": "Research",
	"InstitutionAddress": "6th_SE_2021_Minneapolis_Minneapolis_US_55455",
	"DeviceSerialNumber": "67010",
	"StationName": "MRC35460",
	"BodyPartExamined": "BRAIN",
	"PatientPosition": "HFS",
	"ProcedureStepDescription": "VisionPool_VisionPool",
	"SoftwareVersions": "syngo_MR_D13D",
	"MRAcquisitionType": "3D",
	"SeriesDescription": "T1w_MPR",
	"ProtocolName": "T1w_MPR",
	"ScanningSequence": "GR_IR",
	"SequenceVariant": "SK_SP_MP",
	"ScanOptions": "IR_WE",
	"SequenceName": "_tfl3d1_16ns",
	"ImageType": ["ORIGINAL", "PRIMARY", "M", "ND", "NORM"],
	"SeriesNumber": 26,
	"AcquisitionTime": "13:43:33.402500",
	"AcquisitionNumber": 1,
	"SliceThickness": 0.8,
	"SAR": 0.0344424,
	"EchoTime": 0.00222,
	"RepetitionTime": 2.4,
	"InversionTime": 1,
	"FlipAngle": 8,
	"PartialFourier": 1,
	"BaseResolution": 320,
	"ShimSetting": [
		-1031,
		-11632,
		-3815,
		375,
		201,
		-16,
		-55,
		17	],
	"TxRefAmp": 229.474,
	"PhaseResolution": 1,
	"ReceiveCoilName": "Head_32",
	"ReceiveCoilActiveElements": "HEA;HEP",
	"PulseSequenceDetails": "%SiemensSeq%_tfl",
	"ConsistencyInfo": "N4_VD13D_LATEST_20130810",
	"PercentPhaseFOV": 93.75,
	"PhaseEncodingSteps": 299,
	"AcquisitionMatrixPE": 300,
	"ReconMatrixPE": 320,
	"PixelBandwidth": 220,
	"DwellTime": 7.1e-06,
	"ImageOrientationPatientDICOM": [
		-0.0229028,
		0.991729,
		-0.126292,
		0.103659,
		-0.123289,
		-0.986942	],
	"InPlanePhaseEncodingDirectionDICOM": "ROW",
	"ConversionSoftware": "dcm2niix",
	"ConversionSoftwareVersion": "v1.0.20181125  GCC4.3.2"
}
